GEM
  remote: http://rubygems.org/
  specs:
    awesome_print (0.3.2)
    configuration (1.2.0)
    diff-lcs (1.1.2)
    git (1.2.5)
    heroku (1.18.3)
      launchy (~> 0.3.2)
      rest-client (>= 1.4.0, < 1.7.0)
    jeweler (1.6.2)
      bundler (~> 1.0)
      git (>= 1.2.5)
      rake
    kgio (2.7.4)
    launchy (0.3.7)
      configuration (>= 0.0.5)
      rake (>= 0.8.1)
    mime-types (1.16)
    rack (1.2.2)
    rack-cache (1.2)
      rack (>= 0.4)
    rack-test (0.5.7)
      rack (>= 1.0)
    raindrops (0.10.0)
    rake (0.8.7)
    rest-client (1.6.1)
      mime-types (>= 1.16)
    rspec (2.5.0)
      rspec-core (~> 2.5.0)
      rspec-expectations (~> 2.5.0)
      rspec-mocks (~> 2.5.0)
    rspec-core (2.5.1)
    rspec-expectations (2.5.0)
      diff-lcs (~> 1.1.2)
    rspec-mocks (2.5.0)
    shotgun (0.9)
      rack (>= 1.0)
    unicorn (4.4.0)
      kgio (~> 2.6)
      rack
      raindrops (~> 0.7)

PLATFORMS
  ruby

DEPENDENCIES
  awesome_print
  heroku
  jeweler
  mime-types
  rack
  rack-cache
  rack-test
  rake
  rspec
  shotgun
  unicorn
